PATH
  remote: .
  specs:
    civo (0.3.16)
      commander
      flexirest (~> 1.2.2)
      toml

GEM
  remote: https://rubygems.org/
  specs:
    activesupport (4.2.5.1)
      i18n (~> 0.7)
      json (~> 1.7, >= 1.7.7)
      minitest (~> 5.1)
      thread_safe (~> 0.3, >= 0.3.4)
      tzinfo (~> 1.1)
    blankslate (2.1.2.4)
    commander (4.3.7)
      highline (~> 1.7.2)
    crack (0.4.3)
      safe_yaml (~> 1.0.0)
    faraday (0.9.2)
      multipart-post (>= 1.2, < 3)
    flexirest (1.2.15)
      activesupport
      crack
      faraday
      multi_json
    highline (1.7.8)
    i18n (0.7.0)
    json (1.8.3)
    minitest (5.8.4)
    multi_json (1.11.2)
    multipart-post (2.0.0)
    parslet (1.5.0)
      blankslate (~> 2.0)
    safe_yaml (1.0.4)
    thread_safe (0.3.5)
    toml (0.1.2)
      parslet (~> 1.5.0)
    tzinfo (1.2.2)
      thread_safe (~> 0.1)

PLATFORMS
  ruby

DEPENDENCIES
  civo!

BUNDLED WITH
   1.10.6
