PATH
  remote: .
  specs:
    civo (1.2.5)
      commander
      flexirest (>= 1.4.6)
      toml

GEM
  remote: https://rubygems.org/
  specs:
    activesupport (5.2.3)
      concurrent-ruby (~> 1.0, >= 1.0.2)
      i18n (>= 0.7, < 2)
      minitest (~> 5.1)
      tzinfo (~> 1.1)
    commander (4.4.7)
      highline (~> 2.0.0)
    concurrent-ruby (1.1.5)
    crack (0.4.3)
      safe_yaml (~> 1.0.0)
    faraday (0.15.4)
      multipart-post (>= 1.2, < 3)
    flexirest (1.7.9)
      activesupport
      crack
      faraday
      multi_json
    highline (2.0.2)
    i18n (1.6.0)
      concurrent-ruby (~> 1.0)
    minitest (5.11.3)
    multi_json (1.13.1)
    multipart-post (2.1.1)
    parslet (1.8.2)
    rake (11.0.1)
    safe_yaml (1.0.5)
    thread_safe (0.3.6)
    toml (0.2.0)
      parslet (~> 1.8.0)
    tzinfo (1.2.5)
      thread_safe (~> 0.1)

PLATFORMS
  ruby

DEPENDENCIES
  civo!
  rake

BUNDLED WITH
   1.17.2
