PATH
  remote: .
  specs:
    civo (1.1.0)
      commander
      flexirest (>= 1.4.6)
      toml

GEM
  remote: https://rubygems.org/
  specs:
    activesupport (5.1.4)
      concurrent-ruby (~> 1.0, >= 1.0.2)
      i18n (~> 0.7)
      minitest (~> 5.1)
      tzinfo (~> 1.1)
    blankslate (2.1.2.4)
    commander (4.4.3)
      highline (~> 1.7.2)
    concurrent-ruby (1.0.5)
    crack (0.4.3)
      safe_yaml (~> 1.0.0)
    faraday (0.13.1)
      multipart-post (>= 1.2, < 3)
    flexirest (1.5.6)
      activesupport
      crack
      faraday
      multi_json
    highline (1.7.10)
    i18n (0.9.3)
      concurrent-ruby (~> 1.0)
    minitest (5.11.3)
    multi_json (1.13.1)
    multipart-post (2.0.0)
    parslet (1.5.0)
      blankslate (~> 2.0)
    rake (11.0.1)
    safe_yaml (1.0.4)
    thread_safe (0.3.6)
    toml (0.1.2)
      parslet (~> 1.5.0)
    tzinfo (1.2.5)
      thread_safe (~> 0.1)

PLATFORMS
  ruby

DEPENDENCIES
  civo!
  rake

BUNDLED WITH
   1.14.6
