PATH
  remote: .
  specs:
    civo (1.2.9)
      commander
      flexirest (>= 1.4.6)
      toml

GEM
  remote: https://rubygems.org/
  specs:
    activesupport (6.0.0)
      concurrent-ruby (~> 1.0, >= 1.0.2)
      i18n (>= 0.7, < 2)
      minitest (~> 5.1)
      tzinfo (~> 1.1)
      zeitwerk (~> 2.1, >= 2.1.8)
    commander (4.4.7)
      highline (~> 2.0.0)
    concurrent-ruby (1.1.5)
    crack (0.4.3)
      safe_yaml (~> 1.0.0)
    faraday (0.17.0)
      multipart-post (>= 1.2, < 3)
    flexirest (1.8.6)
      activesupport
      crack
      faraday
      mime-types
      multi_json
    highline (2.0.3)
    i18n (1.7.0)
      concurrent-ruby (~> 1.0)
    mime-types (3.3)
      mime-types-data (~> 3.2015)
    mime-types-data (3.2019.1009)
    minitest (5.12.2)
    multi_json (1.14.1)
    multipart-post (2.1.1)
    parslet (1.8.2)
    rake (13.0.0)
    safe_yaml (1.0.5)
    thread_safe (0.3.6)
    toml (0.2.0)
      parslet (~> 1.8.0)
    tzinfo (1.2.5)
      thread_safe (~> 0.1)
    zeitwerk (2.2.0)

PLATFORMS
  ruby

DEPENDENCIES
  civo!
  rake

BUNDLED WITH
   1.17.3
